GEM
  remote: http://rubygems.org/
  specs:
    ffi (1.0.9)
    ffi-locale (1.0.0)
      ffi (>= 1.0.9)

PLATFORMS
  ruby

DEPENDENCIES
  ffi
  ffi-locale
