GEM
  remote: http://rubygems.org/
  specs:
    ffi (1.0.9)
    ffi-locale (1.0.1)
      ffi (>= 1.0.9)
    rake (0.9.2)
    yard (0.7.3)

PLATFORMS
  ruby

DEPENDENCIES
  ffi
  ffi-locale
  rake
  yard
